GEM
  remote: https://rubygems.org/
  specs:
    json (2.1.0)
    pp (0.1.1)

PLATFORMS
  ruby

DEPENDENCIES
  json
  pp

BUNDLED WITH
   1.16.1
